GEM
  remote: https://rubygems.org/
  specs:
    activemodel (6.1.3)
      activesupport (= 6.1.3)
    activerecord (6.1.3)
      activemodel (= 6.1.3)
      activesupport (= 6.1.3)
    activesupport (6.1.3)
      concurrent-ruby (~> 1.0, >= 1.0.2)
      i18n (>= 1.6, < 2)
      minitest (>= 5.1)
      tzinfo (~> 2.0)
      zeitwerk (~> 2.3)
    coderay (1.1.3)
    concurrent-ruby (1.1.8)
    i18n (1.8.9)
      concurrent-ruby (~> 1.0)
    ip_anonymizer (0.1.1)
    method_source (1.0.0)
    minitest (5.14.4)
    parallel (1.20.1)
    pg (1.2.3)
    pry (0.14.0)
      coderay (~> 1.1)
      method_source (~> 1.0)
    rake (13.0.1)
    ruby-progressbar (1.11.0)
    tzinfo (2.0.4)
      concurrent-ruby (~> 1.0)
    whois (4.1.0)
    zeitwerk (2.4.2)

PLATFORMS
  ruby

DEPENDENCIES
  activerecord (~> 6.1)
  activesupport (~> 6.1)
  ip_anonymizer (~> 0.1)
  parallel (~> 1.20)
  pg (~> 1.2)
  pry (~> 0.14.0)
  rake (~> 13.0)
  ruby-progressbar (~> 1.11)
  whois (~> 4.0)
  zeitwerk (~> 2.4)

BUNDLED WITH
   2.1.4
